GIT
  remote: https://github.com/sjpadgett/cqm-parsers.git
  revision: eb08d0d9c3e2fbea44a2d31992dd2c90aaa6be2c
  branch: master
  specs:
    cqm-parsers (4.1.1.1)
      activesupport (> 5.0)
      builder (~> 3.1)
      cqm-models (> 3.0.0)
      erubis (~> 2.7.0)
      highline (~> 1.7.0)
      log4r (~> 1.1.10)
      memoist (~> 0.9.1)
      mongoid (> 6.0.5, < 9.0.0)
      mongoid-tree (~> 2.2.0)
      mustache
      nokogiri (>= 1.16.2)
      rubyzip (~> 1.3)
      typhoeus
      uuid (~> 2.3.7)
      zip-zip (~> 0.3)

GEM
  remote: https://rubygems.org/
  specs:
    activemodel (7.1.5.1)
      activesupport (= 7.1.5.1)
    activesupport (7.1.5.1)
      base64
      benchmark (>= 0.3)
      bigdecimal
      concurrent-ruby (~> 1.0, >= 1.0.2)
      connection_pool (>= 2.2.5)
      drb
      i18n (>= 1.6, < 2)
      logger (>= 1.4.2)
      minitest (>= 5.1)
      mutex_m
      securerandom (>= 0.3)
      tzinfo (~> 2.0)
    base64 (0.3.0)
    benchmark (0.4.1)
    bigdecimal (3.2.2)
    bson (5.1.1)
    builder (3.3.0)
    concurrent-ruby (1.1.8)
    connection_pool (2.5.3)
    cqm-models (4.2.0)
    date (3.4.1)
    debug (1.11.0)
      irb (~> 1.10)
      reline (>= 0.3.8)
    dotenv (2.7.6)
    drb (2.2.3)
    erb (5.0.2)
    erubis (2.7.0)
    ethon (0.16.0)
      ffi (>= 1.15.0)
    ffi (1.17.2-x86_64-darwin)
    ffi (1.17.2-x86_64-linux-gnu)
    highline (1.7.10)
    i18n (1.14.7)
      concurrent-ruby (~> 1.0)
    io-console (0.8.1)
    irb (1.15.2)
      pp (>= 0.6.0)
      rdoc (>= 4.0.0)
      reline (>= 0.4.2)
    log4r (1.1.10)
    logger (1.7.0)
    macaddr (1.7.2)
      systemu (~> 2.6.5)
    memoist (0.9.3)
    minitest (5.25.5)
    mongo (2.21.2)
      base64
      bson (>= 4.14.1, < 6.0.0)
    mongoid (8.1.11)
      activemodel (>= 5.1, < 8.1, != 7.0.0)
      concurrent-ruby (>= 1.0.5, < 2.0)
      mongo (>= 2.18.0, < 3.0.0)
      ruby2_keywords (~> 0.0.5)
    mongoid-tree (2.2.0)
      mongoid (>= 4.0, < 9)
    mustache (1.1.1)
    mutex_m (0.3.0)
    nokogiri (1.18.9-x86_64-darwin)
      racc (~> 1.4)
    nokogiri (1.18.9-x86_64-linux-gnu)
      racc (~> 1.4)
    pp (0.6.2)
      prettyprint
    prettyprint (0.2.0)
    psych (5.2.6)
      date
      stringio
    racc (1.8.1)
    rack (2.2.3)
    rdoc (6.14.2)
      erb
      psych (>= 4.0.0)
    reline (0.6.2)
      io-console (~> 0.5)
    ruby2_keywords (0.0.5)
    rubyzip (1.3.0)
    securerandom (0.4.1)
    sprockets (4.0.2)
      concurrent-ruby (~> 1.0)
      rack (> 1, < 3)
    stringio (3.1.7)
    systemu (2.6.5)
    typhoeus (1.4.1)
      ethon (>= 0.9.0)
    tzinfo (2.0.6)
      concurrent-ruby (~> 1.0)
    uuid (2.3.9)
      macaddr (~> 1.0)
    zip-zip (0.3)
      rubyzip (>= 1.0.0)

PLATFORMS
  x86_64-darwin-16
  x86_64-linux

DEPENDENCIES
  cqm-parsers!
  debug (~> 1.0)
  dotenv
  rubyzip (>= 1.3.0)
  sprockets
  zip-zip

BUNDLED WITH
   2.2.14
